GEM
  remote: https://rubygems.org/
  specs:
    diff-lcs (1.5.0)
    http-2-next (0.5.0)
    httpx (0.20.3)
      http-2-next (>= 0.4.1)
    oj (3.13.18)
    rspec-support (3.11.0)

PLATFORMS
  x86_64-linux

DEPENDENCIES
  httpx (~> 0.20.3)
  oj (~> 3.13)

RUBY VERSION
   ruby 3.1.2p20

BUNDLED WITH
   2.3.18
